GIT
  remote: https://github.com/tootsuite/mastodon-api.git
  revision: 39f4b0354f3c15075d16e9a810d695824a230b0b
  specs:
    mastodon-api (1.1.0)
      addressable (~> 2.4)
      buftok
      http (~> 2.0)

GEM
  remote: https://rubygems.org/
  specs:
    addressable (2.5.1)
      public_suffix (~> 2.0, >= 2.0.2)
    aws-sdk (2.9.31)
      aws-sdk-resources (= 2.9.31)
    aws-sdk-core (2.9.31)
      aws-sigv4 (~> 1.0)
      jmespath (~> 1.0)
    aws-sdk-resources (2.9.31)
      aws-sdk-core (= 2.9.31)
    aws-sigv4 (1.0.0)
    buftok (0.2.0)
    builder (3.2.3)
    byebug (9.0.6)
    coderay (1.1.1)
    domain_name (0.5.20170404)
      unf (>= 0.0.5, < 1.0.0)
    dotenv (2.2.1)
    eventmachine (1.2.3)
    fake_sqs (0.3.1)
      builder
      sinatra
    faraday (0.11.0)
      multipart-post (>= 1.2, < 3)
    faye-websocket (0.10.7)
      eventmachine (>= 0.12.0)
      websocket-driver (>= 0.5.1)
    foreman (0.84.0)
      thor (~> 0.19.1)
    highline (1.7.8)
    http (2.2.2)
      addressable (~> 2.3)
      http-cookie (~> 1.0)
      http-form_data (~> 1.0.1)
      http_parser.rb (~> 0.6.0)
    http-cookie (1.0.3)
      domain_name (~> 0.5)
    http-form_data (1.0.3)
    http_parser.rb (0.6.0)
    jmespath (1.3.1)
    jwt (1.5.6)
    method_source (0.8.2)
    multi_json (1.12.1)
    multi_xml (0.6.0)
    multipart-post (2.0.0)
    mustermann (1.0.0)
    oauth2 (1.3.1)
      faraday (>= 0.8, < 0.12)
      jwt (~> 1.0)
      multi_json (~> 1.3)
      multi_xml (~> 0.5)
      rack (>= 1.2, < 3)
    pry (0.10.4)
      coderay (~> 1.1.0)
      method_source (~> 0.8.1)
      slop (~> 3.4)
    pry-byebug (3.4.2)
      byebug (~> 9.0)
      pry (~> 0.10)
    public_suffix (2.0.5)
    rack (2.0.3)
    rack-protection (2.0.0)
      rack
    sinatra (2.0.0)
      mustermann (~> 1.0)
      rack (~> 2.0)
      rack-protection (= 2.0.0)
      tilt (~> 2.0)
    slop (3.6.0)
    thor (0.19.4)
    tilt (2.0.7)
    unf (0.1.4)
      unf_ext
    unf_ext (0.0.7.4)
    websocket-driver (0.6.5)
      websocket-extensions (>= 0.1.0)
    websocket-extensions (0.1.2)

PLATFORMS
  ruby

DEPENDENCIES
  aws-sdk
  dotenv
  eventmachine
  fake_sqs
  faye-websocket
  foreman
  highline
  mastodon-api!
  oauth2
  pry
  pry-byebug

BUNDLED WITH
   1.15.1
